GEM
  remote: http://rubygems.org/
  remote: http://rubygems.org/
  specs:
    rmagick (2.13.1)

PLATFORMS
  ruby

DEPENDENCIES
  rmagick
